PATH
  remote: .
  specs:
    web_loader (1.3.0)

GEM
  remote: https://rubygems.org/
  specs:
    minitest (5.22.0)
    rake (13.1.0)

PLATFORMS
  x86_64-darwin-22

DEPENDENCIES
  minitest (~> 5.0)
  rake (~> 13.0)
  web_loader!

BUNDLED WITH
   2.4.20
