PATH
  remote: .
  specs:
    web_loader (0.9.2)

GEM
  remote: https://rubygems.org/
  specs:
    minitest (5.19.0)
    rake (13.0.6)

PLATFORMS
  x86_64-darwin-22

DEPENDENCIES
  minitest (~> 5.0)
  rake (~> 13.0)
  web_loader!

BUNDLED WITH
   2.4.9
